GEM
  remote: https://rubygems.org/
  specs:
    actionmailer (2.3.18)
      actionpack (= 2.3.18)
    actionpack (2.3.18)
      activesupport (= 2.3.18)
      rack (~> 1.1.0)
    activerecord (2.3.18)
      activesupport (= 2.3.18)
    activeresource (2.3.18)
      activesupport (= 2.3.18)
    activesupport (2.3.18)
    devise (1.0.7)
      warden (~> 0.10.3)
    faker (0.9.0)
      i18n (~> 0.5.0)
    i18n (0.5.4)
    json (1.8.3)
    rack (1.1.6)
    rails (2.3.18)
      actionmailer (= 2.3.18)
      actionpack (= 2.3.18)
      activerecord (= 2.3.18)
      activeresource (= 2.3.18)
      activesupport (= 2.3.18)
      rake (>= 0.8.3)
    rake (10.5.0)
    rdoc (4.2.2)
      json (~> 1.4)
    sqlite3 (1.3.11)
    warden (0.10.7)
      rack (>= 1.0.0)
    will_paginate (2.3.16)

PLATFORMS
  ruby

DEPENDENCIES
  devise (= 1.0.7)
  faker (= 0.9.0)
  rails (~> 2.3.5)
  rdoc
  sqlite3
  will_paginate (~> 2.3.16)

BUNDLED WITH
   1.11.2
